STORAGE: NONE
RESTRICTION: == net6.0
NUGET
  remote: https://api.nuget.org/v3/index.json
    FSharp.Core (7.0.200)
    Microsoft.Extensions.Logging.Abstractions (7.0)
    Newtonsoft.Json (13.0.3)
    npgsql (7.0.4)
      Microsoft.Extensions.Logging.Abstractions (>= 6.0)
      System.Runtime.CompilerServices.Unsafe (>= 6.0)
    SQLProvider (1.3.7)
      FSharp.Core (>= 6.0.7)
      Newtonsoft.Json (>= 13.0.1)
    System.Runtime.CompilerServices.Unsafe (6.0)
